GEM
  remote: http://rubygems.org/
  specs:
    builder (2.1.2)
    crack (0.1.8)
    cucumber (0.9.4)
      builder (~> 2.1.2)
      diff-lcs (~> 1.1.2)
      gherkin (~> 2.2.9)
      json (~> 1.4.6)
      term-ansicolor (~> 1.0.5)
    diff-lcs (1.1.2)
    gherkin (2.2.9)
      json (~> 1.4.6)
      term-ansicolor (~> 1.0.5)
    httparty (0.6.1)
      crack (= 0.1.8)
    json (1.4.6)
    nokogiri (1.4.3.1)
    rake (0.8.7)
    rb-appscript (0.5.3)
    rspec (1.3.1)
    rspec-expectations (2.1.0)
      diff-lcs (~> 1.1.2)
    safariwatir (0.3.8)
    term-ansicolor (1.0.5)

PLATFORMS
  ruby

DEPENDENCIES
  cucumber (>= 0.9.2)
  httparty
  json (= 1.4.6)
  nokogiri (= 1.4.3.1)
  rake (= 0.8.7)
  rb-appscript (= 0.5.3)
  rspec (= 1.3.1)
  rspec-expectations
  safariwatir (= 0.3.8)

METADATA
  version: 1.0.6
